PATH
  remote: .
  specs:
    json-ref (0.2.1)
      hana

GEM
  remote: https://rubygems.org/
  specs:
    hana (1.2.1)
    rake (10.1.0)

PLATFORMS
  ruby

DEPENDENCIES
  json-ref!
  rake
